ObjectType = Image
NDims = 3
ElementNumberOfChannels = 1
DimSize = 141 141 101 
ElementSpacing = 2.5 2.5 2.5 
Offset = -176.25 -176.25 -126.25 
BinaryData = True
CompressedData = False
ElementByteOrderMSB = False
ElementType = MET_FLOAT
ElementDataFile = stereophan_3x3_ccc.raw
