ObjectType = Image
NDims = 3
ElementNumberOfChannels = 1
DimSize = 160 160 160 
ElementSpacing = 2.5 2.5 2.5 
Offset = -200.0 -200.0 -200.0 
BinaryData = True
CompressedData = False
ElementByteOrderMSB = False
ElementType = MET_FLOAT
ElementDataFile = water_phantom_ccc.raw
